GEM
  remote: https://rubygems.org/
  specs:
    haml (4.0.6)
      tilt
    mysql2 (0.3.18)
    tilt (2.0.1)

PLATFORMS
  ruby

DEPENDENCIES
  haml
  mysql2
